GEM
  remote: https://rubygems.org/
  specs:
    activesupport (4.2.6)
      i18n (~> 0.7)
      json (~> 1.7, >= 1.7.7)
      minitest (~> 5.1)
      thread_safe (~> 0.3, >= 0.3.4)
      tzinfo (~> 1.1)
    addressable (2.4.0)
    colored (1.2)
    colorize (0.8.1)
    csvlint (0.3.3)
      activesupport (< 5.0)
      addressable
      colorize
      escape_utils
      mime-types
      net-http-persistent (< 3.0)
      open_uri_redirections
      rack (< 2.0)
      thor
      typhoeus
      uri_template
    escape_utils (1.2.1)
    ethon (0.8.1)
      ffi (>= 1.3.0)
    ffi (1.9.10)
    html-proofer (3.0.6)
      activesupport (~> 4.2)
      addressable (~> 2.3)
      colored (~> 1.2)
      mercenary (~> 0.3.2)
      nokogiri (~> 1.5)
      parallel (~> 1.3)
      typhoeus (~> 0.7)
      yell (~> 2.0)
    i18n (0.7.0)
    json (1.8.3)
    mercenary (0.3.6)
    mime-types (3.1)
      mime-types-data (~> 3.2015)
    mime-types-data (3.2016.0521)
    mini_portile2 (2.3.0)
    minitest (5.8.4)
    net-http-persistent (2.9.4)
    nokogiri (1.8.2)
      mini_portile2 (~> 2.3.0)
    open_uri_redirections (0.2.1)
    parallel (1.8.0)
    rack (1.6.10)
    thor (0.20.0)
    thread_safe (0.3.5)
    typhoeus (0.8.0)
      ethon (>= 0.8.0)
    tzinfo (1.2.2)
      thread_safe (~> 0.1)
    uri_template (0.7.0)
    yell (2.0.6)

PLATFORMS
  ruby

DEPENDENCIES
  csvlint (~> 0.3.2)
  html-proofer (~> 3.0.6)
  nokogiri (~> 1.8.2)

BUNDLED WITH
   1.16.1
