GEM
  remote: https://rubygems.org/
  specs:
    kramdown (1.7.0)
    mdl (0.2.1)
      kramdown (~> 1.5, >= 1.5.0)
      mixlib-cli (~> 1.5, >= 1.5.0)
      mixlib-config (~> 2.1, >= 2.1.0)
    mixlib-cli (1.5.0)
    mixlib-config (2.1.0)
    rainbow (2.0.0)
    sass (3.4.19)
    scss_lint (0.40.1)
      rainbow (~> 2.0)
      sass (~> 3.4.1)

PLATFORMS
  ruby

DEPENDENCIES
  mdl (~> 0.2.1)
  scss_lint (~> 0.40.1)
